GEM
  remote: http://rubygems.org/
  specs:
    activesupport (3.2.8)
      i18n (~> 0.6)
      multi_json (~> 1.0)
    coderay (1.0.8)
    i18n (0.6.1)
    json (1.7.5)
    method_source (0.8)
    multi_json (1.3.6)
    picky (4.9.0)
      activesupport (>= 3.0)
      multi_json
      rack_fast_escape
      text
    pry (0.9.10)
      coderay (~> 1.0.5)
      method_source (~> 0.8)
      slop (~> 3.3.1)
    rack (1.4.1)
    rack-protection (1.2.0)
      rack
    rack_fast_escape (2009.06.24)
      url_escape
    rake (0.9.2.2)
    romkan (0.4.0)
    ruby-progressbar (1.0.1)
    sinatra (1.3.3)
      rack (~> 1.3, >= 1.3.6)
      rack-protection (~> 1.2)
      tilt (~> 1.3, >= 1.3.3)
    slop (3.3.3)
    text (1.2.1)
    tilt (1.3.3)
    url_escape (2009.06.24)

PLATFORMS
  ruby

DEPENDENCIES
  json
  picky
  pry
  rake
  romkan
  ruby-progressbar
  sinatra
